GEM
  remote: http://rubygems.org/
  specs:
    compass (0.10.6)
      haml (>= 3.0.4)
    configuration (1.2.0)
    cri (1.0.1)
    guard (0.2.2)
      open_gem (~> 1.4.2)
      thor (~> 0.14.3)
    guard-nanoc (0.1.0)
      guard (>= 0.2.1)
      nanoc (>= 3.1.5)
    haml (3.0.24)
    launchy (0.3.7)
      configuration (>= 0.0.5)
      rake (>= 0.8.1)
    nanoc (3.1.6)
      nanoc3 (>= 3.1.6)
    nanoc3 (3.1.6)
      cri (>= 1.0.0)
    open_gem (1.4.2)
      launchy (~> 0.3.5)
    rake (0.8.7)
    thor (0.14.6)

PLATFORMS
  ruby

DEPENDENCIES
  compass
  guard
  guard-nanoc
  nanoc
