GEM
  remote: http://rubygems.org/
  specs:
    capistrano (2.15.4)
      highline
      net-scp (>= 1.0.0)
      net-sftp (>= 2.0.0)
      net-ssh (>= 2.0.14)
      net-ssh-gateway (>= 1.1.0)
    chunky_png (1.2.8)
    colored (1.2)
    compass (0.12.2)
      chunky_png (~> 1.2)
      fssm (>= 0.2.7)
      sass (~> 3.1)
    cri (2.3.0)
      colored (>= 1.2)
    execjs (1.4.0)
      multi_json (~> 1.0)
    fssm (0.2.10)
    highline (1.6.19)
    hike (1.2.3)
    i18n (0.6.4)
    libv8 (3.11.8.17)
    multi_json (1.7.7)
    nanoc (3.6.4)
      cri (~> 2.3)
    nanoc-filesystem-i18n (0.2.0)
      i18n (>= 0.4.1)
      nanoc (>= 3.1.2)
    nanoc-gzip-filter (0.0.1)
      nanoc (>= 3.4.0)
    nanoc-sprockets-filter (0.1.1)
      nanoc (>= 3.4.0)
      sprockets (>= 2.8.0)
    net-scp (1.1.1)
      net-ssh (>= 2.6.5)
    net-sftp (2.1.2)
      net-ssh (>= 2.6.5)
    net-ssh (2.6.7)
    net-ssh-gateway (1.2.0)
      net-ssh (>= 2.6.5)
    rack (1.5.2)
    rack-protection (1.5.0)
      rack
    railsless-deploy (1.1.2)
    ref (1.0.5)
    sass (3.2.9)
    sinatra (1.4.3)
      rack (~> 1.4)
      rack-protection (~> 1.4)
      tilt (~> 1.3, >= 1.3.4)
    sprockets (2.10.0)
      hike (~> 1.2)
      multi_json (~> 1.0)
      rack (~> 1.0)
      tilt (~> 1.1, != 1.3.0)
    sprockets-helpers (1.0.1)
      sprockets (~> 2.0)
    sprockets-sass (1.0.1)
      sprockets (~> 2.0)
      tilt (~> 1.1)
    therubyracer (0.11.4)
      libv8 (~> 3.11.8.12)
      ref
    tilt (1.4.1)
    uglifier (2.1.1)
      execjs (>= 0.3.0)
      multi_json (~> 1.0, >= 1.0.2)

PLATFORMS
  ruby

DEPENDENCIES
  capistrano
  compass
  libv8 (~> 3.11.8)
  nanoc
  nanoc-filesystem-i18n
  nanoc-gzip-filter
  nanoc-sprockets-filter
  rack
  railsless-deploy
  sass
  sinatra
  sprockets
  sprockets-helpers
  sprockets-sass
  therubyracer
  uglifier
